PATH
  remote: vendor/plugins/openamplify-0.2.3
  specs:
    openamplify (0.2.3)
      json (~> 1.2)

GEM
  remote: http://rubygems.org/
  specs:
    abstract (1.0.0)
    actionmailer (3.0.1)
      actionpack (= 3.0.1)
      mail (~> 2.2.5)
    actionpack (3.0.1)
      activemodel (= 3.0.1)
      activesupport (= 3.0.1)
      builder (~> 2.1.2)
      erubis (~> 2.6.6)
      i18n (~> 0.4.1)
      rack (~> 1.2.1)
      rack-mount (~> 0.6.12)
      rack-test (~> 0.5.4)
      tzinfo (~> 0.3.23)
    activemodel (3.0.1)
      activesupport (= 3.0.1)
      builder (~> 2.1.2)
      i18n (~> 0.4.1)
    activerecord (3.0.1)
      activemodel (= 3.0.1)
      activesupport (= 3.0.1)
      arel (~> 1.0.0)
      tzinfo (~> 0.3.23)
    activeresource (3.0.1)
      activemodel (= 3.0.1)
      activesupport (= 3.0.1)
    activesupport (3.0.1)
    arel (1.0.1)
      activesupport (~> 3.0.0)
    builder (2.1.2)
    columnize (0.3.1)
    crack (0.1.6)
    dragonfly (0.7.6)
      rack
    erubis (2.6.6)
      abstract (>= 1.0.0)
    facter (1.5.8)
    factory_girl (1.3.2)
    factory_girl_rails (1.0)
      factory_girl (~> 1.3)
      rails (>= 3.0.0.beta4)
    faker (0.3.1)
    hashie (0.2.2)
    highline (1.6.1)
    hoptoad_notifier (2.3.10)
      activesupport
      builder
    httparty (0.5.2)
      crack (= 0.1.6)
    i18n (0.4.1)
    jquery-rails (0.2.4)
      rails (~> 3.0)
    json (1.4.6)
    linecache (0.43)
    mail (2.2.7)
      activesupport (>= 2.3.6)
      mime-types
      treetop (>= 1.4.5)
    meta_search (0.9.8)
      actionpack (~> 3.0.0)
      activerecord (~> 3.0.0)
      activesupport (~> 3.0.0)
      arel (~> 1.0.1)
    mime-types (1.16)
    mocha (0.9.8)
      rake
    mysql (2.8.1)
    oauth (0.4.3)
    polyglot (0.3.1)
    puppet (0.24.8)
      facter (>= 1.1.0)
    rack (1.2.1)
    rack-cache (0.5.3)
      rack (>= 0.4)
    rack-mount (0.6.13)
      rack (>= 1.0.0)
    rack-test (0.5.6)
      rack (>= 1.0)
    rails (3.0.1)
      actionmailer (= 3.0.1)
      actionpack (= 3.0.1)
      activerecord (= 3.0.1)
      activeresource (= 3.0.1)
      activesupport (= 3.0.1)
      bundler (~> 1.0.0)
      railties (= 3.0.1)
    railties (3.0.1)
      actionpack (= 3.0.1)
      activesupport (= 3.0.1)
      rake (>= 0.8.4)
      thor (~> 0.14.0)
    rake (0.8.7)
    rmagick (2.13.1)
    ruby-debug (0.10.3)
      columnize (>= 0.1)
      ruby-debug-base (~> 0.10.3.0)
    ruby-debug-base (0.10.3)
      linecache (>= 0.3)
    shadow_puppet (0.4.0)
      activesupport (>= 2.0.0)
      builder (>= 2.1.2)
      facter (>= 1.5.4)
      highline (>= 1.5.0)
      puppet (= 0.24.8)
    shoulda (2.11.3)
    thor (0.14.3)
    timecop (0.3.5)
    treetop (1.4.8)
      polyglot (>= 0.3.1)
    twitter (0.9.8)
      hashie (~> 0.2.0)
      httparty (~> 0.5.0)
      oauth (~> 0.4.1)
      yajl-ruby (~> 0.7.0)
    tzinfo (0.3.23)
    will_paginate (3.0.pre2)
    yajl-ruby (0.7.7)

PLATFORMS
  ruby

DEPENDENCIES
  dragonfly (~> 0.7.5)
  factory_girl_rails
  faker
  hashie
  hoptoad_notifier
  jquery-rails
  meta_search
  mocha (= 0.9.8)
  mysql
  openamplify!
  rack-cache
  rails (= 3.0.1)
  rmagick
  ruby-debug
  shadow_puppet
  shoulda
  timecop
  twitter (= 0.9.8)
  will_paginate (= 3.0.pre2)
